GIT
  remote: git://github.com/everypolitician/wikidata-fetcher.git
  revision: e661ddf31137ec6fb2d8a4e4e66dc9e1c1419c45
  specs:
    wikidata-fetcher (0.17.1)
      colorize
      diskcached
      json
      mediawiki_api
      nokogiri
      rest-client
      scraperwiki
      wikidata-client (~> 0.0.7)

GIT
  remote: git://github.com/everypolitician/wikisnakker.git
  revision: 81c25b9ab25f1345fbb05a60f7aa65e8abde693e
  specs:
    wikisnakker (0.5.0)

GIT
  remote: git://github.com/openaustralia/scraperwiki-ruby.git
  revision: fc50176812505e463077d5c673d504a6a234aa78
  branch: morph_defaults
  specs:
    scraperwiki (3.0.1)
      httpclient
      sqlite_magic

GEM
  remote: https://rubygems.org/
  specs:
    coderay (1.1.1)
    colorize (0.8.1)
    diskcached (1.1.2)
    domain_name (0.5.20160615)
      unf (>= 0.0.5, < 1.0.0)
    excon (0.51.0)
    faraday (0.9.2)
      multipart-post (>= 1.2, < 3)
    faraday-cookie_jar (0.0.6)
      faraday (>= 0.7.4)
      http-cookie (~> 1.0.0)
    faraday_middleware (0.10.0)
      faraday (>= 0.7.4, < 0.10)
    hashie (3.4.4)
    http-cookie (1.0.2)
      domain_name (~> 0.5)
    httpclient (2.8.0)
    json (2.0.1)
    mediawiki_api (0.6.0)
      faraday (~> 0.9, >= 0.9.0)
      faraday-cookie_jar (~> 0.0, >= 0.0.6)
    method_source (0.8.2)
    mime-types (3.1)
      mime-types-data (~> 3.2015)
    mime-types-data (3.2016.0521)
    mini_portile2 (2.1.0)
    multipart-post (2.0.0)
    netrc (0.11.0)
    nokogiri (1.6.8)
      mini_portile2 (~> 2.1.0)
      pkg-config (~> 1.1.7)
    pkg-config (1.1.7)
    pry (0.10.3)
      coderay (~> 1.1.0)
      method_source (~> 0.8.1)
      slop (~> 3.4)
    rest-client (2.0.0)
      http-cookie (>= 1.0.2, < 2.0)
      mime-types (>= 1.16, < 4.0)
      netrc (~> 0.8)
    slop (3.6.0)
    sqlite3 (1.3.11)
    sqlite_magic (0.0.6)
      sqlite3
    unf (0.1.4)
      unf_ext
    unf_ext (0.0.7.2)
    wikidata-client (0.0.10)
      excon (~> 0.40)
      faraday (~> 0.9)
      faraday_middleware (~> 0.9)
      hashie (~> 3.3)

PLATFORMS
  ruby

DEPENDENCIES
  pry
  scraperwiki!
  wikidata-fetcher (>= 0.17.0)!
  wikisnakker!

BUNDLED WITH
   1.12.5
